GIT
  remote: git://github.com/boxen/boxen.git
  revision: 4881ac6f65f2bba46f739de0713e38a37f318e84
  branch: yosemite
  specs:
    boxen (2.7.0.beta2)
      ansi (~> 1.4)
      hiera (~> 1.0)
      highline (~> 1.6)
      json_pure (>= 1.7.7, < 2.0)
      librarian-puppet (~> 1.0.0)
      octokit (~> 2.7, >= 2.7.1)
      puppet (~> 3.7)

GEM
  remote: https://rubygems.org/
  specs:
    CFPropertyList (2.2.8)
    addressable (2.3.6)
    ansi (1.4.3)
    aws-sdk (1.22.1)
      json (~> 1.4)
      nokogiri (>= 1.4.4, < 1.6.0)
      uuidtools (~> 2.1)
    builder (3.1.4)
    diff-lcs (1.2.4)
    facter (2.2.0)
      CFPropertyList (~> 2.2.6)
    faraday (0.9.0)
      multipart-post (>= 1.2, < 3)
    hiera (1.2.1)
      json_pure
    highline (1.6.21)
    json (1.8.1)
    json_pure (1.8.1)
    librarian (0.1.2)
      highline
      thor (~> 0.15)
    librarian-puppet (1.0.9)
      json
      librarian (>= 0.1.2)
    multipart-post (2.0.0)
    net-ssh (2.6.5)
    nokogiri (1.5.6)
    octokit (2.7.2)
      sawyer (~> 0.5.2)
    open4 (1.3.0)
    puppet (3.7.1)
      facter (> 1.6, < 3)
      hiera (~> 1.0)
      json_pure
    rake (10.0.3)
    rbvmomi (1.6.0)
      builder
      nokogiri (>= 1.4.1)
      trollop
    rspec (2.14.1)
      rspec-core (~> 2.14.0)
      rspec-expectations (~> 2.14.0)
      rspec-mocks (~> 2.14.0)
    rspec-core (2.14.6)
    rspec-expectations (2.14.3)
      diff-lcs (>= 1.1.3, < 2.0)
    rspec-mocks (2.14.4)
    rspec-puppet (0.1.6)
      rspec
    sawyer (0.5.5)
      addressable (~> 2.3.5)
      faraday (~> 0.8, < 0.10)
    thor (0.19.1)
    trollop (2.0)
    uuidtools (2.1.4)

PLATFORMS
  ruby

DEPENDENCIES
  aws-sdk (~> 1.21)
  boxen!
  hiera (~> 1.1)
  net-ssh
  open4 (~> 1.3)
  rake (= 10.0.3)
  rbvmomi
  rspec-puppet (= 0.1.6)
